PATH
  remote: .
  specs:
    rack-defense (0.2.5)
      rack (>= 1.3, <= 2.1)
      redis (~> 3)

GEM
  remote: https://rubygems.org/
  specs:
    minitest (5.8.4)
    rack (1.6.4)
    rack-test (0.6.3)
      rack (>= 1.0)
    rake (10.5.0)
    redis (3.3.2)
    redis_test (0.1.1)
    timecop (0.8.0)

PLATFORMS
  ruby

DEPENDENCIES
  minitest (~> 5.4)
  rack-defense!
  rack-test (~> 0.6)
  rake (~> 10.3)
  redis_test
  timecop (~> 0.7)

BUNDLED WITH
   1.13.6
